GEM
  remote: https://rubygems.org/
  specs:
    coderay (1.1.2)
    method_source (0.9.2)
    pry (0.12.2)
      coderay (~> 1.1.0)
      method_source (~> 0.9.0)
    rack (2.0.7)
    shotgun (0.9.2)
      rack (>= 1.0)

PLATFORMS
  ruby

DEPENDENCIES
  pry
  rack
  shotgun

BUNDLED WITH
   2.0.1
